GEM
  remote: https://rubygems.org/
  specs:
    addressable (2.8.1)
      public_suffix (>= 2.0.2, < 6.0)
    capybara (3.38.0)
      addressable
      matrix
      mini_mime (>= 0.1.3)
      nokogiri (~> 1.8)
      rack (>= 1.6.0)
      rack-test (>= 0.6.3)
      regexp_parser (>= 1.5, < 3.0)
      xpath (~> 3.2)
    docile (1.4.0)
    dotenv (2.8.1)
    erubi (1.12.0)
    ffi (1.15.5)
    matrix (0.4.2)
    mini_mime (1.1.2)
    minitest (5.18.0)
    minitest-global_expectations (1.0.1)
      minitest (> 5)
    minitest-hooks (1.5.0)
      minitest (> 5.3)
    nokogiri (1.14.2-arm64-darwin)
      racc (~> 1.4)
    pg (1.4.6)
    public_suffix (5.0.1)
    racc (1.6.2)
    rack (3.0.7)
    rack-test (2.1.0)
      rack (>= 1.3)
    rack-unreloader (2.1.0)
    rake (13.0.6)
    refrigerator (1.5.1)
    regexp_parser (2.7.0)
    roda (3.66.0)
      rack
    sassc (2.4.0)
      ffi (~> 1.9)
    sequel (5.66.0)
    sequel-annotate (1.7.0)
      sequel (>= 4)
    sequel_pg (1.17.1)
      pg (>= 0.18.0, != 1.2.0)
      sequel (>= 4.38.0)
    simplecov (0.22.0)
      docile (~> 1.1)
      simplecov-html (~> 0.11)
      simplecov_json_formatter (~> 0.1)
    simplecov-html (0.12.3)
    simplecov_json_formatter (0.1.4)
    tilt (2.1.0)
    xpath (3.2.0)
      nokogiri (~> 1.8)

PLATFORMS
  arm64-darwin-22

DEPENDENCIES
  capybara
  dotenv
  erubi (>= 1.5)
  minitest (>= 5.7.0)
  minitest-global_expectations
  minitest-hooks (>= 1.1.0)
  rack-unreloader (>= 2.1)
  rake
  refrigerator (>= 1)
  roda (>= 3.63)
  sassc (>= 2)
  sequel (>= 5.62)
  sequel-annotate
  sequel_pg (>= 1.8)
  simplecov
  tilt (>= 2.0.9)

BUNDLED WITH
   2.4.7
